GIT
  remote: git://github.com/v-tsvid/codebreaker.git
  revision: da092df3b5400741a65e308b3e4842bff2931194
  specs:
    codebreaker (0.1.2)

GEM
  remote: https://rubygems.org/
  specs:
    rack (1.6.1)

PLATFORMS
  ruby

DEPENDENCIES
  codebreaker!
  rack

BUNDLED WITH
   1.10.2
