GIT
  remote: git://github.com/v-tsvid/codebreaker.git
  revision: aee912de787593cb5be74bd6a91de4672ff43d10
  specs:
    codebreaker (0.1.0)

GEM
  remote: https://rubygems.org/
  specs:
    rack (1.6.1)

PLATFORMS
  ruby

DEPENDENCIES
  codebreaker!
  rack

BUNDLED WITH
   1.10.2
